PATH
  remote: .
  specs:
    mls_ruby_automated_gitlab_tags (0.1.0)

GEM
  remote: https://rubygems.org/
  specs:

PLATFORMS
  ruby

DEPENDENCIES
  mls_ruby_automated_gitlab_tags!

BUNDLED WITH
   2.0.1
